GEM
  remote: https://rubygems.org/
  specs:
    alexa_verifier (1.0.0)
    mustermann (1.1.1)
      ruby2_keywords (~> 0.0.1)
    puma (3.12.6)
    rack (2.2.3)
    rack-protection (2.2.0)
      rack
    rake (12.3.3)
    ralyxa (1.8.0)
      alexa_verifier (~> 1.0)
    ruby2_keywords (0.0.5)
    sinatra (2.2.0)
      mustermann (~> 1.0)
      rack (~> 2.2)
      rack-protection (= 2.2.0)
      tilt (~> 2.0)
    sqlite3 (1.3.13)
    tilt (2.0.10)

PLATFORMS
  ruby

DEPENDENCIES
  puma (~> 3.12)
  rake (~> 12.3)
  ralyxa (~> 1.8)
  sinatra (~> 2.2)
  sqlite3 (~> 1.3)

RUBY VERSION
   ruby 2.5.1p57

BUNDLED WITH
   1.16.4
