GEM
  remote: https://rubygems.org/
  specs:
    alexa_verifier (1.0.0)
    mustermann (1.0.3)
    rack (2.0.5)
    rack-protection (2.0.4)
      rack
    ralyxa (1.8.0)
      alexa_verifier (~> 1.0)
    sinatra (2.0.4)
      mustermann (~> 1.0)
      rack (~> 2.0)
      rack-protection (= 2.0.4)
      tilt (~> 2.0)
    sqlite3 (1.3.13)
    tilt (2.0.8)

PLATFORMS
  ruby

DEPENDENCIES
  ralyxa (~> 1.8)
  sinatra (~> 2.0)
  sqlite3 (~> 1.3)

RUBY VERSION
   ruby 2.5.1p57

BUNDLED WITH
   1.16.4
